GEM
  remote: http://rubygems.org/
  specs:
    haml (5.0.4)
      temple (>= 0.8.0)
      tilt
    rack (1.2.1)
    sinatra (1.1.2)
      rack (~> 1.1)
      tilt (~> 1.2)
    temple (0.8.0)
    tilt (1.2.1)

PLATFORMS
  ruby

DEPENDENCIES
  haml
  sinatra
